GEM
  remote: http://gems.headshift.local/
  remote: http://rubygems.org/
  remote: http://gems.github.com/
  specs:
    abstract (1.0.0)
    actionmailer (2.3.8)
      actionpack (= 2.3.8)
    actionpack (2.3.8)
      activesupport (= 2.3.8)
      rack (~> 1.1.0)
    activerecord (2.3.8)
      activesupport (= 2.3.8)
    activeresource (2.3.8)
      activesupport (= 2.3.8)
    activesupport (2.3.8)
    erubis (2.6.6)
      abstract (>= 1.0.0)
    headshift-rails (0.0.29)
    mysql (2.8.1)
    rack (1.1.0)
    rails (2.3.8)
      actionmailer (= 2.3.8)
      actionpack (= 2.3.8)
      activerecord (= 2.3.8)
      activeresource (= 2.3.8)
      activesupport (= 2.3.8)
      rake (>= 0.8.3)
    rake (0.8.7)
    yodel_gazetteer (0.0.9)

PLATFORMS
  ruby

DEPENDENCIES
  bundler
  erubis
  headshift-rails
  mysql
  rails (= 2.3.8)
  yodel_gazetteer
